GEM
  specs:
    terminal-display-colors (0.0.2)

PLATFORMS
  ruby

DEPENDENCIES
  terminal-display-colors
